GEM
  remote: https://rubygems.org/
  specs:
    httparty (0.14.0)
      multi_xml (>= 0.5.2)
    jruby-jars (9.1.6.0)
    jruby-rack (1.1.20)
    multi_xml (0.6.0)
    rake (12.0.0)
    rubyzip (1.2.0)
    warbler (2.0.4)
      jruby-jars (>= 9.0.0.0)
      jruby-rack (>= 1.1.1, < 1.3)
      rake (>= 10.1.0)
      rubyzip (~> 1.0, < 1.4)

PLATFORMS
  java

DEPENDENCIES
  httparty
  warbler

BUNDLED WITH
   1.13.6
